GEM
  remote: https://rubygems.org/
  specs:
    async (2.21.0)
      console (~> 1.29)
      fiber-annotation
      io-event (~> 1.6, >= 1.6.5)
    async-container (0.18.3)
      async (~> 2.10)
    async-http (0.84.0)
      async (>= 2.10.2)
      async-pool (~> 0.9)
      io-endpoint (~> 0.14)
      io-stream (~> 0.6)
      metrics (~> 0.12)
      protocol-http (~> 0.43)
      protocol-http1 (>= 0.28.1)
      protocol-http2 (~> 0.19)
      traces (~> 0.10)
    async-http-cache (0.4.4)
      async-http (~> 0.56)
    async-pool (0.10.2)
      async (>= 1.25)
      traces
    async-service (0.12.0)
      async
      async-container (~> 0.16)
    base64 (0.2.0)
    bson (5.0.1)
    console (1.29.0)
      fiber-annotation
      fiber-local (~> 1.1)
      json
    diff-lcs (1.5.1)
    etcdv3 (0.11.6)
      grpc (~> 1.17)
    falcon (0.48.3)
      async
      async-container (~> 0.18)
      async-http (~> 0.75)
      async-http-cache (~> 0.4)
      async-service (~> 0.10)
      bundler
      localhost (~> 1.1)
      openssl (~> 3.0)
      process-metrics (~> 0.2)
      protocol-http (~> 0.31)
      protocol-rack (~> 0.7)
      samovar (~> 2.3)
    fiber-annotation (0.2.0)
    fiber-local (1.1.0)
      fiber-storage
    fiber-storage (1.0.0)
    google-protobuf (3.15.8)
    googleapis-common-protos-types (1.7.0)
      google-protobuf (~> 3.14)
    grpc (1.40.0)
      google-protobuf (~> 3.15)
      googleapis-common-protos-types (~> 1.0)
    io-endpoint (0.14.0)
    io-event (1.7.4)
    io-stream (0.6.1)
    json (2.8.2)
    localhost (1.3.1)
    mapping (1.1.1)
    metrics (0.12.1)
    mongo (2.20.1)
      bson (>= 4.14.1, < 6.0.0)
    mustermann (3.0.0)
      ruby2_keywords (~> 0.0.1)
    openssl (3.2.0)
    process-metrics (0.3.0)
      console (~> 1.8)
      json (~> 2)
      samovar (~> 2.1)
    protocol-hpack (1.5.1)
    protocol-http (0.45.0)
    protocol-http1 (0.28.1)
      protocol-http (~> 0.22)
    protocol-http2 (0.20.0)
      protocol-hpack (~> 1.4)
      protocol-http (~> 0.18)
    protocol-rack (0.11.0)
      protocol-http (~> 0.43)
      rack (>= 1.0)
    rack (3.1.7)
    rack-cors (2.0.2)
      rack (>= 2.0.0)
    rack-protection (4.0.0)
      base64 (>= 0.1.0)
      rack (>= 3.0.0, < 4)
    rack-session (2.0.0)
      rack (>= 3.0.0)
    rackup (2.1.0)
      rack (>= 3)
      webrick (~> 1.8)
    rspec (3.13.0)
      rspec-core (~> 3.13.0)
      rspec-expectations (~> 3.13.0)
      rspec-mocks (~> 3.13.0)
    rspec-core (3.13.2)
      rspec-support (~> 3.13.0)
    rspec-expectations (3.13.3)
      diff-lcs (>= 1.2.0, < 2.0)
      rspec-support (~> 3.13.0)
    rspec-mocks (3.13.2)
      diff-lcs (>= 1.2.0, < 2.0)
      rspec-support (~> 3.13.0)
    rspec-support (3.13.1)
    ruby2_keywords (0.0.5)
    samovar (2.3.0)
      console (~> 1.0)
      mapping (~> 1.0)
    sinatra (4.0.0)
      mustermann (~> 3.0)
      rack (>= 3.0.0, < 4)
      rack-protection (= 4.0.0)
      rack-session (>= 2.0.0, < 3)
      tilt (~> 2.0)
    tilt (2.4.0)
    traces (0.14.1)
    webrick (1.8.1)

PLATFORMS
  aarch64-linux
  arm64-darwin-23

DEPENDENCIES
  etcdv3
  falcon
  google-protobuf (~> 3.15.0)
  mongo
  rack-cors
  rackup (~> 2.1)
  rspec
  sinatra

RUBY VERSION
   ruby 3.1.5p252

BUNDLED WITH
   2.3.27
