GEM
  remote: https://rubygems.org/
  specs:
    base64 (0.2.0)
    bson (5.0.1)
    etcdv3 (0.11.6)
      grpc (~> 1.17)
    google-protobuf (3.15.8)
    googleapis-common-protos-types (1.7.0)
      google-protobuf (~> 3.14)
    grpc (1.40.0)
      google-protobuf (~> 3.15)
      googleapis-common-protos-types (~> 1.0)
    mongo (2.20.1)
      bson (>= 4.14.1, < 6.0.0)
    mustermann (3.0.0)
      ruby2_keywords (~> 0.0.1)
    rack (3.1.7)
    rack-protection (4.0.0)
      base64 (>= 0.1.0)
      rack (>= 3.0.0, < 4)
    rack-session (2.0.0)
      rack (>= 3.0.0)
    rackup (2.1.0)
      rack (>= 3)
      webrick (~> 1.8)
    ruby2_keywords (0.0.5)
    sinatra (4.0.0)
      mustermann (~> 3.0)
      rack (>= 3.0.0, < 4)
      rack-protection (= 4.0.0)
      rack-session (>= 2.0.0, < 3)
      tilt (~> 2.0)
    tilt (2.4.0)
    webrick (1.8.1)

PLATFORMS
  aarch64-linux
  arm64-darwin-23

DEPENDENCIES
  etcdv3
  google-protobuf (~> 3.15.0)
  mongo
  rackup (~> 2.1)
  sinatra

RUBY VERSION
   ruby 3.1.5p252

BUNDLED WITH
   2.3.27
